GEM
  remote: http://rubygems.org/
  specs:
    actionmailer (4.2.8)
      actionpack (= 4.2.8)
      actionview (= 4.2.8)
      activejob (= 4.2.8)
      mail (~> 2.5, >= 2.5.4)
      rails-dom-testing (~> 1.0, >= 1.0.5)
    actionpack (4.2.8)
      actionview (= 4.2.8)
      activesupport (= 4.2.8)
      rack (~> 1.6)
      rack-test (~> 0.6.2)
      rails-dom-testing (~> 1.0, >= 1.0.5)
      rails-html-sanitizer (~> 1.0, >= 1.0.2)
    actionview (4.2.8)
      activesupport (= 4.2.8)
      builder (~> 3.1)
      erubis (~> 2.7.0)
      rails-dom-testing (~> 1.0, >= 1.0.5)
      rails-html-sanitizer (~> 1.0, >= 1.0.3)
    active_attr (0.12.0)
      activemodel (>= 3.0.2, < 6.0)
      activesupport (>= 3.0.2, < 6.0)
    activejob (4.2.8)
      activesupport (= 4.2.8)
      globalid (>= 0.3.0)
    activemodel (4.2.8)
      activesupport (= 4.2.8)
      builder (~> 3.1)
    activerecord (4.2.8)
      activemodel (= 4.2.8)
      activesupport (= 4.2.8)
      arel (~> 6.0)
    activerecord-reset-pk-sequence (0.2.1)
    activesupport (4.2.8)
      i18n (~> 0.7)
      minitest (~> 5.1)
      thread_safe (~> 0.3, >= 0.3.4)
      tzinfo (~> 1.1)
    addressable (2.7.0)
      public_suffix (>= 2.0.2, < 5.0)
    arel (6.0.4)
    autoparse (0.3.3)
      addressable (>= 2.3.1)
      extlib (>= 0.9.15)
      multi_json (>= 1.0.0)
    bcrypt (3.1.15)
    binding_of_caller (0.8.0)
      debug_inspector (>= 0.0.1)
    bootstrap-datepicker-rails (1.8.0.1)
      railties (>= 3.0)
    builder (3.2.4)
    ckeditor (4.3.0)
      orm_adapter (~> 0.5.0)
      terrapin
    climate_control (0.2.0)
    cocaine (0.5.8)
      climate_control (>= 0.0.3, < 1.0)
    coffee-rails (4.1.1)
      coffee-script (>= 2.2.0)
      railties (>= 4.0.0, < 5.1.x)
    coffee-script (2.4.1)
      coffee-script-source
      execjs
    coffee-script-source (1.12.2)
    concurrent-ruby (1.1.7)
    crass (1.0.6)
    data-confirm-modal (1.6.2)
      railties (>= 3.0)
    debug_inspector (0.0.3)
    dynamic_form (1.1.4)
    erubis (2.7.0)
    execjs (2.7.0)
    extlib (0.9.16)
    faraday (0.17.3)
      multipart-post (>= 1.2, < 3)
    friendly_id (5.2.5)
      activerecord (>= 4.0.0)
    globalid (0.4.2)
      activesupport (>= 4.2.0)
    google-api-client (0.7.1)
      addressable (>= 2.3.2)
      autoparse (>= 0.3.3)
      extlib (>= 0.9.15)
      faraday (>= 0.9.0)
      jwt (>= 0.1.5)
      launchy (>= 2.1.1)
      multi_json (>= 1.0.0)
      retriable (>= 1.4)
      signet (>= 0.5.0)
      uuidtools (>= 2.1.0)
    hike (1.2.3)
    i18n (0.9.5)
      concurrent-ruby (~> 1.0)
    jbuilder (2.9.1)
      activesupport (>= 4.2.0)
    jquery-rails (4.4.0)
      rails-dom-testing (>= 1, < 3)
      railties (>= 4.2.0)
      thor (>= 0.14, < 2.0)
    jquery-validation-rails (1.19.0)
    json (1.8.6)
    jwt (2.2.2)
    kaminari (1.1.1)
      activesupport (>= 4.1.0)
      kaminari-actionview (= 1.1.1)
      kaminari-activerecord (= 1.1.1)
      kaminari-core (= 1.1.1)
    kaminari-actionview (1.1.1)
      actionview
      kaminari-core (= 1.1.1)
    kaminari-activerecord (1.1.1)
      activerecord
      kaminari-core (= 1.1.1)
    kaminari-core (1.1.1)
    launchy (2.4.3)
      addressable (~> 2.3)
    loofah (2.6.0)
      crass (~> 1.0.2)
      nokogiri (>= 1.5.9)
    mail (2.7.1)
      mini_mime (>= 0.1.1)
    meta-tags (2.13.0)
      actionpack (>= 3.2.0, < 6.1)
    mime-types (3.3.1)
      mime-types-data (~> 3.2015)
    mime-types-data (3.2020.0512)
    mimemagic (0.3.5)
    mini_mime (1.0.2)
    mini_portile2 (2.1.0)
    minitest (5.12.0)
    multi_json (1.15.0)
    multipart-post (2.1.1)
    mysql2 (0.3.21)
    nokogiri (1.7.0)
      mini_portile2 (~> 2.1.0)
    orm_adapter (0.5.0)
    paperclip (5.1.0)
      activemodel (>= 4.2.0)
      activesupport (>= 4.2.0)
      cocaine (~> 0.5.5)
      mime-types
      mimemagic (~> 0.3.0)
    pdf-core (0.7.0)
    prawn (2.2.2)
      pdf-core (~> 0.7.0)
      ttfunk (~> 1.5)
    prawn-table (0.2.2)
      prawn (>= 1.3.0, < 3.0.0)
    public_suffix (3.0.3)
    rack (1.6.13)
    rack-test (0.6.3)
      rack (>= 1.0)
    rails (4.2.8)
      actionmailer (= 4.2.8)
      actionpack (= 4.2.8)
      actionview (= 4.2.8)
      activejob (= 4.2.8)
      activemodel (= 4.2.8)
      activerecord (= 4.2.8)
      activesupport (= 4.2.8)
      bundler (>= 1.3.0, < 2.0)
      railties (= 4.2.8)
      sprockets-rails
    rails-deprecated_sanitizer (1.0.3)
      activesupport (>= 4.2.0.alpha)
    rails-dom-testing (1.0.9)
      activesupport (>= 4.2.0, < 5.0)
      nokogiri (~> 1.6)
      rails-deprecated_sanitizer (>= 1.0.1)
    rails-html-sanitizer (1.3.0)
      loofah (~> 2.3)
    railties (4.2.8)
      actionpack (= 4.2.8)
      activesupport (= 4.2.8)
      rake (>= 0.8.7)
      thor (>= 0.18.1, < 2.0)
    rake (12.3.3)
    rdoc (4.3.0)
    recaptcha (4.9.0)
      json
    retriable (1.4.1)
    sass (3.2.19)
    sass-rails (4.0.5)
      railties (>= 4.0.0, < 5.0)
      sass (~> 3.2.2)
      sprockets (~> 2.8, < 3.0)
      sprockets-rails (~> 2.0)
    sdoc (0.4.2)
      json (~> 1.7, >= 1.7.7)
      rdoc (~> 4.0)
    signet (0.11.0)
      addressable (~> 2.3)
      faraday (~> 0.9)
      jwt (>= 1.5, < 3.0)
      multi_json (~> 1.10)
    sprockets (2.12.5)
      hike (~> 1.2)
      multi_json (~> 1.0)
      rack (~> 1.0)
      tilt (~> 1.1, != 1.3.0)
    sprockets-rails (2.3.3)
      actionpack (>= 3.0)
      activesupport (>= 3.0)
      sprockets (>= 2.8, < 4.0)
    sqlite3 (1.3.13)
    table_print (1.5.6)
    terrapin (0.6.0)
      climate_control (>= 0.0.3, < 1.0)
    thor (1.0.1)
    thread_safe (0.3.6)
    tilt (1.4.1)
    truncate_html (0.9.3)
    ttfunk (1.5.1)
    turbolinks (5.2.1)
      turbolinks-source (~> 5.2)
    turbolinks-source (5.2.0)
    tzinfo (1.2.7)
      thread_safe (~> 0.1)
    uglifier (4.2.0)
      execjs (>= 0.3.0, < 3)
    uuidtools (2.2.0)
    web-console (2.3.0)
      activemodel (>= 4.0)
      binding_of_caller (>= 0.7.2)
      railties (>= 4.0)
      sprockets-rails (>= 2.0, < 4.0)

PLATFORMS
  ruby

DEPENDENCIES
  active_attr (= 0.12.0)
  activerecord-reset-pk-sequence (= 0.2.1)
  bcrypt
  bootstrap-datepicker-rails (= 1.8.0.1)
  ckeditor (= 4.3.0)
  cocaine
  coffee-rails (~> 4.1.0)
  data-confirm-modal (= 1.6.2)
  dynamic_form (= 1.1.4)
  friendly_id (~> 5.2.0)
  google-api-client (~> 0.7.1)
  jbuilder (~> 2.0)
  jquery-rails
  jquery-validation-rails
  kaminari (= 1.1.1)
  meta-tags
  mysql2 (~> 0.3.18)
  nokogiri (= 1.7.0)
  paperclip (= 5.1.0)
  prawn (= 2.2.2)
  prawn-table (= 0.2.2)
  public_suffix (= 3.0.3)
  rails (= 4.2.8)
  recaptcha
  retriable (= 1.4.1)
  sass-rails (~> 4.0.3)
  sdoc (~> 0.4.0)
  sqlite3 (= 1.3.13)
  table_print (= 1.5.6)
  truncate_html
  turbolinks
  tzinfo-data
  uglifier (>= 1.3.0)
  web-console (~> 2.0)

BUNDLED WITH
   1.17.3
